PATH
  remote: .
  specs:
    pluckit (1.1.0)

GEM
  remote: https://rubygems.org/
  specs:
    minitest (5.11.1)
    rake (10.5.0)

PLATFORMS
  ruby

DEPENDENCIES
  minitest (~> 5)
  pluckit!
  rake (~> 10)

BUNDLED WITH
   1.16.1
