PATH
  remote: .
  specs:
    pluckit (1.1.0)

GEM
  remote: https://rubygems.org/
  specs:
    minitest (5.14.0)
    rake (13.0.1)

PLATFORMS
  ruby

DEPENDENCIES
  minitest
  pluckit!
  rake

BUNDLED WITH
   2.1.4
